GIT
  remote: https://github.com/bcg/em-spec.git
  revision: e44d67847794d317078cf357271863447d26c8c5
  specs:
    em-spec (0.2.2)

GEM
  remote: http://rubygems.org/
  specs:
    SystemTimer (1.2)
    addressable (2.2.5)
    archive-tar-minitar (0.5.2)
    bourne (1.0)
      mocha (= 0.9.8)
    columnize (0.3.2)
    crack (0.1.8)
    daemons (1.1.0)
    diff-lcs (1.1.2)
    em-hiredis (0.1.0)
      hiredis (~> 0.3.0)
    em-http-request (1.0.0.beta.3)
      addressable (>= 2.2.3)
      em-socksify
      eventmachine
      http_parser.rb (>= 0.5.1)
    em-socksify (0.1.0)
      eventmachine
    eventmachine (1.0.0.beta.3)
    git (1.2.5)
    hiredis (0.3.1)
    http_parser.rb (0.5.1)
    jeweler (1.5.1)
      bundler (~> 1.0.0)
      git (>= 1.2.5)
      rake
    json_pure (1.4.6)
    linecache19 (0.5.12)
      ruby_core_source (>= 0.1.4)
    mocha (0.9.8)
      rake
    rake (0.8.7)
    redis (2.1.1)
    rspec (2.5.0)
      rspec-core (~> 2.5.0)
      rspec-expectations (~> 2.5.0)
      rspec-mocks (~> 2.5.0)
    rspec-core (2.5.1)
    rspec-expectations (2.5.0)
      diff-lcs (~> 1.1.2)
    rspec-mocks (2.5.0)
    ruby-debug-base19 (0.11.25)
      columnize (>= 0.3.1)
      linecache19 (>= 0.5.11)
      ruby_core_source (>= 0.1.4)
    ruby-debug19 (0.11.6)
      columnize (>= 0.3.1)
      linecache19 (>= 0.5.11)
      ruby-debug-base19 (>= 0.11.19)
    ruby_core_source (0.1.5)
      archive-tar-minitar (>= 0.5.2)
    timecop (0.3.5)
    webmock (1.6.2)
      addressable (>= 2.2.2)
      crack (>= 0.1.7)

PLATFORMS
  ruby

DEPENDENCIES
  SystemTimer
  bourne
  daemons (= 1.1.0)
  em-hiredis (= 0.1.0)
  em-http-request (= 1.0.0.beta.3)
  em-spec!
  eventmachine (= 1.0.0.beta.3)
  jeweler
  json_pure (= 1.4.6)
  redis (= 2.1.1)
  rspec
  ruby-debug19
  timecop
  webmock
