PATH
  remote: ../em-hiredis
  specs:
    em-hiredis (0.0.1)
      hiredis (~> 0.3.0)

GEM
  remote: http://rubygems.org/
  specs:
    bourne (1.0)
      mocha (= 0.9.8)
    builder (2.1.2)
    cucumber (0.9.4)
      builder (~> 2.1.2)
      diff-lcs (~> 1.1.2)
      gherkin (~> 2.2.9)
      json (~> 1.4.6)
      term-ansicolor (~> 1.0.5)
    daemons (1.1.0)
    diff-lcs (1.1.2)
    eventmachine (0.12.10)
    excon (0.5.6)
    gherkin (2.2.9)
      json (~> 1.4.6)
      term-ansicolor (~> 1.0.5)
    git (1.2.5)
    hiredis (0.3.1)
    jeweler (1.5.1)
      bundler (~> 1.0.0)
      git (>= 1.2.5)
      rake
    json (1.4.6)
    json_pure (1.4.6)
    mocha (0.9.8)
      rake
    rake (0.8.7)
    redis (2.1.1)
    rspec (2.1.0)
      rspec-core (~> 2.1.0)
      rspec-expectations (~> 2.1.0)
      rspec-mocks (~> 2.1.0)
    rspec-core (2.1.0)
    rspec-expectations (2.1.0)
      diff-lcs (~> 1.1.2)
    rspec-mocks (2.1.0)
    term-ansicolor (1.0.5)
    timecop (0.3.5)

PLATFORMS
  ruby

DEPENDENCIES
  bourne
  cucumber
  daemons (= 1.1.0)
  em-hiredis!
  eventmachine (= 0.12.10)
  excon (= 0.5.6)
  jeweler
  json_pure (= 1.4.6)
  redis (= 2.1.1)
  rspec
  timecop
