GEM
  remote: http://rubygems.org/
  specs:
    appraisal (0.3.5)
      aruba (~> 0.3.6)
      bundler
      rake
    aruba (0.3.6)
      childprocess (>= 0.1.7)
      cucumber (>= 0.10.0)
      rspec (>= 2.5.0)
    bourne (1.0)
      mocha (= 0.9.8)
    builder (2.1.2)
    childprocess (0.1.8)
      ffi (~> 1.0.6)
    cucumber (0.10.2)
      builder (>= 2.1.2)
      diff-lcs (>= 1.1.2)
      gherkin (>= 2.3.5)
      json (>= 1.4.6)
      term-ansicolor (>= 1.0.5)
    daemons (1.1.2)
    diff-lcs (1.1.2)
    excon (0.5.6)
    ffi (1.0.9)
    gherkin (2.3.10)
      json (>= 1.4.6)
    json (1.5.1)
    json_pure (1.4.6)
    mocha (0.9.8)
      rake
    rake (0.8.7)
    redis (2.2.0)
    rspec (2.6.0)
      rspec-core (~> 2.6.0)
      rspec-expectations (~> 2.6.0)
      rspec-mocks (~> 2.6.0)
    rspec-core (2.6.3)
    rspec-expectations (2.6.0)
      diff-lcs (~> 1.1.2)
    rspec-mocks (2.6.0)
    term-ansicolor (1.0.5)
    timecop (0.3.5)

PLATFORMS
  ruby

DEPENDENCIES
  appraisal (~> 0.3.5)
  aruba
  bourne
  cucumber
  daemons (~> 1.1.0)
  excon (~> 0.5)
  json_pure (~> 1.4.6)
  redis (~> 2.2)
  rspec
  timecop
